GEM
  remote: https://rubygems.org/
  specs:
    addressable (2.2.4)
    bcrypt-ruby (2.1.4)
    builder (3.2.0)
    data_mapper (1.1.0)
      dm-aggregates (= 1.1.0)
      dm-constraints (= 1.1.0)
      dm-core (= 1.1.0)
      dm-migrations (= 1.1.0)
      dm-serializer (= 1.1.0)
      dm-timestamps (= 1.1.0)
      dm-transactions (= 1.1.0)
      dm-types (= 1.1.0)
      dm-validations (= 1.1.0)
    data_objects (0.10.12)
      addressable (~> 2.1)
    dm-aggregates (1.1.0)
      dm-core (~> 1.1.0)
    dm-constraints (1.1.0)
      dm-core (~> 1.1.0)
    dm-core (1.1.0)
      addressable (~> 2.2.4)
    dm-do-adapter (1.1.0)
      data_objects (~> 0.10.2)
      dm-core (~> 1.1.0)
    dm-migrations (1.1.0)
      dm-core (~> 1.1.0)
    dm-postgres-adapter (1.1.0)
      dm-do-adapter (~> 1.1.0)
      do_postgres (~> 0.10.2)
    dm-serializer (1.1.0)
      dm-core (~> 1.1.0)
      fastercsv (~> 1.5.4)
      json (~> 1.4.6)
    dm-timestamps (1.1.0)
      dm-core (~> 1.1.0)
    dm-transactions (1.1.0)
      dm-core (~> 1.1.0)
    dm-types (1.1.0)
      bcrypt-ruby (~> 2.1.4)
      dm-core (~> 1.1.0)
      fastercsv (~> 1.5.4)
      json (~> 1.4.6)
      stringex (~> 1.2.0)
      uuidtools (~> 2.1.2)
    dm-validations (1.1.0)
      dm-core (~> 1.1.0)
    do_postgres (0.10.12)
      data_objects (= 0.10.12)
    fastercsv (1.5.5)
    json (1.4.6)
    pg (0.14.1)
    rack (1.5.2)
    rack-protection (1.4.0)
      rack
    sinatra (1.3.5)
      rack (~> 1.4)
      rack-protection (~> 1.3)
      tilt (~> 1.3, >= 1.3.3)
    sinatra-flash (0.3.0)
      sinatra (>= 1.0.0)
    sinatra-redirect-with-flash (0.2.0)
      sinatra (>= 1.0.0)
    stringex (1.2.2)
    tilt (1.3.4)
    uuidtools (2.1.3)

PLATFORMS
  ruby

DEPENDENCIES
  builder
  data_mapper
  dm-core
  dm-migrations
  dm-postgres-adapter
  pg
  rack
  sinatra
  sinatra-flash
  sinatra-redirect-with-flash
